PATH
  remote: .
  specs:
    PageBirdGem (0.1.0)

GEM
  remote: https://rubygems.org/
  specs:
    coderay (1.1.2)
    method_source (0.9.2)
    pry (0.12.2)
      coderay (~> 1.1.0)
      method_source (~> 0.9.0)
    rake (10.4.2)

PLATFORMS
  ruby

DEPENDENCIES
  PageBirdGem!
  bundler (~> 1.17)
  pry
  rake (~> 10.0)

BUNDLED WITH
   1.17.1
